GIT
  remote: git://github.com/QueueClassic/queue_classic.git
  revision: c26f2c9f6f6133b946fbcdd7b7ec905a4aca9f94
  specs:
    queue_classic (3.2.0.RC1)
      pg (>= 0.17, < 0.19)

GEM
  remote: https://rubygems.org/
  specs:
    coderay (1.0.9)
    hiredis (0.6.1)
    method_source (0.8.1)
    pg (0.18.4)
    pry (0.9.12.1)
      coderay (~> 1.0.5)
      method_source (~> 0.8)
      slop (~> 3.4)
    que (0.11.4)
    redis (3.0.6)
    slop (3.4.4)

PLATFORMS
  ruby

DEPENDENCIES
  hiredis
  pry
  que
  queue_classic!
  redis

BUNDLED WITH
   1.11.2
